GEM
  remote: http://rubygems.org/
  specs:
    faraday (0.8.7)
      multipart-post (~> 1.1)
    faraday_middleware (0.9.0)
      faraday (>= 0.7.4, < 0.9)
    multipart-post (1.2.0)

PLATFORMS
  ruby

DEPENDENCIES
  faraday (~> 0.8)
  faraday_middleware (>= 0.8)
